GEM
  remote: https://rubygems.org/
  specs:
    activesupport (5.2.0)
      concurrent-ruby (~> 1.0, >= 1.0.2)
      i18n (>= 0.7, < 2)
      minitest (~> 5.1)
      tzinfo (~> 1.1)
    addressable (2.4.0)
    backports (3.11.3)
    chrono (0.4.0)
      activesupport
    coderay (1.1.2)
    concurrent-ruby (1.0.5)
    dotenv (2.4.0)
    ethon (0.11.0)
      ffi (>= 1.3.0)
    event_emitter (0.2.6)
    eventmachine (1.2.7)
    faraday (0.15.2)
      multipart-post (>= 1.2, < 3)
    faraday_middleware (0.10.1)
      faraday (>= 0.7.4, < 1.0)
    faye-websocket (0.10.7)
      eventmachine (>= 0.12.0)
      websocket-driver (>= 0.5.1)
    ffi (1.9.25)
    gh (0.15.1)
      addressable (~> 2.4.0)
      backports
      faraday (~> 0.8)
      multi_json (~> 1.0)
      net-http-persistent (~> 2.9)
      net-http-pipeline
    highline (1.7.10)
    i18n (1.0.1)
      concurrent-ruby (~> 1.0)
    ikku (0.1.4)
      natto
    json (2.3.1)
    launchy (2.4.3)
      addressable (~> 2.3)
    mem (0.1.5)
    method_source (0.9.0)
    minitest (5.11.3)
    multi_json (1.13.1)
    multipart-post (2.0.0)
    natto (1.1.1)
      ffi (>= 1.9.0)
    net-http-persistent (2.9.4)
    net-http-pipeline (1.0.1)
    pry (0.11.3)
      coderay (~> 1.1.0)
      method_source (~> 0.9.0)
    pusher-client (0.6.2)
      json
      websocket (~> 1.0)
    ruboty (1.3.0)
      activesupport
      bundler
      dotenv
      mem
      slop
    ruboty-cron (1.1.0)
      activesupport
      chrono
      ruboty (>= 0.2.0)
    ruboty-delay (0.0.1)
      ruboty
    ruboty-echo (0.1.1)
      ruboty
    ruboty-google_image (0.1.0)
      faraday
      faraday_middleware
      ruboty
    ruboty-kokodeikku (0.0.8)
      ikku (>= 0.1.1)
      ruboty
    ruboty-kujibiki (0.2.1)
      ruboty
    ruboty-local_yaml (0.1.0)
      ruboty
    ruboty-scorekeeper (1.0.0)
      ruboty
    ruboty-slack_rtm (3.1.0)
      faraday (~> 0.11)
      ruboty (>= 1.1.4)
      slack-api (~> 1.6)
      websocket-client-simple (~> 0.3.0)
    ruboty-world_clock (0.1.0)
      activesupport
      ruboty
    slack-api (1.6.1)
      faraday (~> 0.11)
      faraday_middleware (~> 0.10.0)
      faye-websocket (~> 0.10.6)
      multi_json (~> 1.0, >= 1.0.3)
    slop (4.6.2)
    thread_safe (0.3.6)
    travis (1.8.8)
      backports
      faraday (~> 0.9)
      faraday_middleware (~> 0.9, >= 0.9.1)
      gh (~> 0.13)
      highline (~> 1.6)
      launchy (~> 2.1)
      pusher-client (~> 0.4)
      typhoeus (~> 0.6, >= 0.6.8)
    typhoeus (0.8.0)
      ethon (>= 0.8.0)
    tzinfo (1.2.5)
      thread_safe (~> 0.1)
    websocket (1.2.8)
    websocket-client-simple (0.3.0)
      event_emitter
      websocket
    websocket-driver (0.7.0)
      websocket-extensions (>= 0.1.0)
    websocket-extensions (0.1.5)

PLATFORMS
  ruby

DEPENDENCIES
  pry
  ruboty
  ruboty-cron
  ruboty-delay
  ruboty-echo
  ruboty-google_image
  ruboty-kokodeikku
  ruboty-kujibiki
  ruboty-local_yaml
  ruboty-scorekeeper
  ruboty-slack_rtm
  ruboty-world_clock
  travis

BUNDLED WITH
   1.17.2
